PATH
  remote: .
  specs:
    invoice_translations (0.0.0)
      r18n-core

GEM
  remote: https://rubygems.org/
  specs:
    minitest (5.9.0)
    r18n-core (2.1.4)
    rake (10.4.2)

PLATFORMS
  ruby

DEPENDENCIES
  invoice_translations!
  minitest
  rake

BUNDLED WITH
   1.12.5
